GEM
  remote: http://rubygems.org/
  specs:
    activesupport (3.2.8)
      i18n (~> 0.6)
      multi_json (~> 1.0)
    factory_girl (4.0.0)
      activesupport (>= 3.0.0)
    i18n (0.6.0)
    minitest (3.3.0)
    multi_json (1.3.6)

PLATFORMS
  ruby

DEPENDENCIES
  factory_girl
  minitest
